GEM
  specs:
    artii (2.1.2)
    bcrypt (3.1.11-x64-mingw32)
    colorize (0.8.1)
    sqlite3 (1.3.13-x64-mingw32)

PLATFORMS
  x64-mingw32

DEPENDENCIES
  artii
  bcrypt
  colorize
  sqlite3

BUNDLED WITH
   1.15.4
